PATH
  remote: .
  specs:
    mms2r (3.8.1)
      exifr (>= 1.0.3)
      json (>= 1.6.0)
      mail (>= 2.4.0)
      nokogiri (>= 1.5.0)
      rake (= 0.9.2.2)

GEM
  remote: https://rubygems.org/
  specs:
    exifr (1.1.3)
    i18n (0.6.0)
    json (1.7.3)
    mail (2.4.4)
      i18n (>= 0.4.0)
      mime-types (~> 1.16)
      treetop (~> 1.4.8)
    metaclass (0.0.1)
    mime-types (1.19)
    mocha (0.11.4)
      metaclass (~> 0.0.1)
    multi_json (1.3.5)
    nokogiri (1.5.5)
    polyglot (0.3.3)
    rake (0.9.2.2)
    rdoc (3.12)
      json (~> 1.4)
    simplecov (0.6.4)
      multi_json (~> 1.0)
      simplecov-html (~> 0.5.3)
    simplecov-html (0.5.3)
    test-unit (2.4.8)
    treetop (1.4.10)
      polyglot
      polyglot (>= 0.3.1)

PLATFORMS
  ruby

DEPENDENCIES
  mms2r!
  mocha
  rdoc
  simplecov
  test-unit
